GIT
  remote: https://github.com/annacruz/ofx
  revision: 03a1f9894d3f857211c8ce40505fac043d70e1ad
  specs:
    ofx (0.3.2)
      nokogiri

GEM
  remote: https://rubygems.org/
  specs:
    actioncable (5.2.0)
      actionpack (= 5.2.0)
      nio4r (~> 2.0)
      websocket-driver (>= 0.6.1)
    actionmailer (5.2.0)
      actionpack (= 5.2.0)
      actionview (= 5.2.0)
      activejob (= 5.2.0)
      mail (~> 2.5, >= 2.5.4)
      rails-dom-testing (~> 2.0)
    actionpack (5.2.0)
      actionview (= 5.2.0)
      activesupport (= 5.2.0)
      rack (~> 2.0)
      rack-test (>= 0.6.3)
      rails-dom-testing (~> 2.0)
      rails-html-sanitizer (~> 1.0, >= 1.0.2)
    actionview (5.2.0)
      activesupport (= 5.2.0)
      builder (~> 3.1)
      erubi (~> 1.4)
      rails-dom-testing (~> 2.0)
      rails-html-sanitizer (~> 1.0, >= 1.0.3)
    activejob (5.2.0)
      activesupport (= 5.2.0)
      globalid (>= 0.3.6)
    activemodel (5.2.0)
      activesupport (= 5.2.0)
    activerecord (5.2.0)
      activemodel (= 5.2.0)
      activesupport (= 5.2.0)
      arel (>= 9.0)
    activestorage (5.2.0)
      actionpack (= 5.2.0)
      activerecord (= 5.2.0)
      marcel (~> 0.3.1)
    activesupport (5.2.0)
      concurrent-ruby (~> 1.0, >= 1.0.2)
      i18n (>= 0.7, < 2)
      minitest (~> 5.1)
      tzinfo (~> 1.1)
    acts_as_tenant (0.4.1)
      rails (>= 3.1)
      request_store (>= 1.0.5)
    addressable (2.5.0)
      public_suffix (~> 2.0, >= 2.0.2)
    arel (9.0.0)
    ast (2.4.0)
    awesome_print (1.8.0)
    babel-source (5.8.35)
    babel-transpiler (0.7.0)
      babel-source (>= 4.0, < 6)
      execjs (~> 2.0)
    bcrypt (3.1.10)
    better_errors (2.4.0)
      coderay (>= 1.0.0)
      erubi (>= 1.0.0)
      rack (>= 0.9.0)
    binding_of_caller (0.8.0)
      debug_inspector (>= 0.0.1)
    bootsnap (1.3.0)
      msgpack (~> 1.0)
    bugsnag (5.0.1)
    builder (3.2.3)
    bundler-audit (0.4.0)
      bundler (~> 1.2)
      thor (~> 0.18)
    byebug (9.0.6)
    coderay (1.1.2)
    coffee-script-source (1.12.2)
    concurrent-ruby (1.0.5)
    config_spartan (1.0.1)
      hashie
    connection_pool (2.2.1)
    crack (0.4.3)
      safe_yaml (~> 1.0.0)
    crass (1.0.4)
    debug_inspector (0.0.3)
    dotenv (2.5.0)
    dotenv-rails (2.5.0)
      dotenv (= 2.5.0)
      railties (>= 3.2, < 6.0)
    erubi (1.7.1)
    execjs (2.7.0)
    ffi (1.9.14)
    globalid (0.4.1)
      activesupport (>= 4.2.0)
    hashdiff (0.3.1)
    hashie (3.4.6)
    i18n (1.0.1)
      concurrent-ruby (~> 1.0)
    jquery-rails (4.2.2)
      rails-dom-testing (>= 1, < 3)
      railties (>= 4.2.0)
      thor (>= 0.14, < 2.0)
    kaminari (0.17.0)
      actionpack (>= 3.0.0)
      activesupport (>= 3.0.0)
    listen (3.0.8)
      rb-fsevent (~> 0.9, >= 0.9.4)
      rb-inotify (~> 0.9, >= 0.9.7)
    loofah (2.2.2)
      crass (~> 1.0.2)
      nokogiri (>= 1.5.9)
    mail (2.7.0)
      mini_mime (>= 0.1.1)
    marcel (0.3.2)
      mimemagic (~> 0.3.2)
    method_source (0.8.2)
    mimemagic (0.3.10)
      nokogiri (~> 1)
      rake
    mini_mime (1.0.0)
    mini_portile2 (2.6.1)
    minions_rails (0.0.7)
    minitest (5.11.3)
    minitest-power_assert (0.3.0)
      minitest
      power_assert (>= 1.1)
    monetize (1.7.0)
      money (~> 6.9)
    money (6.11.3)
      i18n (>= 0.6.4, < 1.1)
    money-rails (1.11.0)
      activesupport (>= 3.0)
      monetize (~> 1.7.0)
      money (~> 6.11.0)
      railties (>= 3.0)
    msgpack (1.2.4)
    nio4r (2.3.1)
    nokogiri (1.12.5)
      mini_portile2 (~> 2.6.1)
      racc (~> 1.4)
    parallel (1.12.1)
    parser (2.5.0.5)
      ast (~> 2.4.0)
    pg (0.19.0)
    plaid (4.0.0)
    power_assert (1.1.3)
    powerpack (0.1.1)
    pry (0.10.4)
      coderay (~> 1.1.0)
      method_source (~> 0.8.1)
      slop (~> 3.4)
    pry-byebug (3.4.2)
      byebug (~> 9.0)
      pry (~> 0.10)
    pry-rails (0.3.5)
      pry (>= 0.9.10)
    public_suffix (2.0.5)
    puma (3.12.6)
    racc (1.6.0)
    rack (2.0.5)
    rack-livereload (0.3.16)
      rack
    rack-mini-profiler (0.10.1)
      rack (>= 1.2.0)
    rack-protection (2.0.1)
      rack
    rack-test (1.0.0)
      rack (>= 1.0, < 3)
    rails (5.2.0)
      actioncable (= 5.2.0)
      actionmailer (= 5.2.0)
      actionpack (= 5.2.0)
      actionview (= 5.2.0)
      activejob (= 5.2.0)
      activemodel (= 5.2.0)
      activerecord (= 5.2.0)
      activestorage (= 5.2.0)
      activesupport (= 5.2.0)
      bundler (>= 1.3.0)
      railties (= 5.2.0)
      sprockets-rails (>= 2.0.0)
    rails-dom-testing (2.0.3)
      activesupport (>= 4.2.0)
      nokogiri (>= 1.6)
    rails-html-sanitizer (1.0.4)
      loofah (~> 2.2, >= 2.2.2)
    railties (5.2.0)
      actionpack (= 5.2.0)
      activesupport (= 5.2.0)
      method_source
      rake (>= 0.8.7)
      thor (>= 0.18.1, < 2.0)
    rainbow (3.0.0)
    rake (12.3.1)
    rb-fsevent (0.9.8)
    rb-inotify (0.9.7)
      ffi (>= 0.5.0)
    react-rails (1.10.0)
      babel-transpiler (>= 0.7.0)
      coffee-script-source (~> 1.8)
      connection_pool
      execjs
      railties (>= 3.2)
      tilt
    redis (3.3.5)
    request_store (1.3.1)
    rubocop (0.54.0)
      parallel (~> 1.10)
      parser (>= 2.5)
      powerpack (~> 0.1)
      rainbow (>= 2.2.2, < 4.0)
      ruby-progressbar (~> 1.7)
      unicode-display_width (~> 1.0, >= 1.0.1)
    ruby-progressbar (1.9.0)
    safe_yaml (1.0.4)
    sass (3.4.23)
    sassc (1.11.1)
      bundler
      ffi (~> 1.9.6)
      sass (>= 3.3.0)
    sassc-rails (1.3.0)
      railties (>= 4.0.0)
      sass
      sassc (~> 1.9)
      sprockets (> 2.11)
      sprockets-rails
      tilt
    sidekiq (4.2.7)
      concurrent-ruby (~> 1.0)
      connection_pool (~> 2.2, >= 2.2.0)
      rack-protection (>= 1.5.0)
      redis (~> 3.2, >= 3.2.1)
    slop (3.6.0)
    spring (2.0.2)
      activesupport (>= 4.2)
    spring-watcher-listen (2.0.1)
      listen (>= 2.7, < 4.0)
      spring (>= 1.2, < 3.0)
    sprockets (3.7.2)
      concurrent-ruby (~> 1.0)
      rack (> 1, < 3)
    sprockets-rails (3.2.1)
      actionpack (>= 4.0)
      activesupport (>= 4.0)
      sprockets (>= 3.0.0)
    thor (0.20.0)
    thread_safe (0.3.6)
    tilt (2.0.5)
    timecop (0.8.1)
    turbolinks (5.0.1)
      turbolinks-source (~> 5)
    turbolinks-source (5.0.0)
    tzinfo (1.2.5)
      thread_safe (~> 0.1)
    uglifier (3.0.4)
      execjs (>= 0.3.0, < 3)
    unicode-display_width (1.3.0)
    web-console (3.4.0)
      actionview (>= 5.0)
      activemodel (>= 5.0)
      debug_inspector
      railties (>= 5.0)
    webmock (2.1.0)
      addressable (>= 2.3.6)
      crack (>= 0.3.2)
      hashdiff
    websocket-driver (0.7.0)
      websocket-extensions (>= 0.1.0)
    websocket-extensions (0.1.3)

PLATFORMS
  ruby

DEPENDENCIES
  acts_as_tenant
  awesome_print
  bcrypt (~> 3.1.7)
  better_errors
  binding_of_caller
  bootsnap
  bugsnag
  bundler-audit
  byebug
  config_spartan
  dotenv-rails
  jquery-rails
  kaminari
  listen (~> 3.0.5)
  minions_rails
  minitest-power_assert
  money-rails
  ofx!
  pg
  plaid
  pry-byebug
  pry-rails
  puma (~> 3.0)
  rack-livereload
  rack-mini-profiler
  rails (~> 5.2)
  react-rails (~> 1)
  request_store (= 1.3.1)
  rubocop (~> 0.42)
  sassc-rails
  sidekiq (~> 4)
  spring
  spring-watcher-listen (~> 2.0.0)
  timecop
  turbolinks (~> 5)
  tzinfo-data
  uglifier (>= 1.3.0)
  web-console (>= 3.3.0)
  webmock

RUBY VERSION
   ruby 2.5.6p201

BUNDLED WITH
   1.17.3
